GIT
  remote: https://github.com/nightsailer/padrino-sprockets.git
  revision: be98d83d8e7dd4da25d20a84ca12135ddf4994a2
  specs:
    padrino-sprockets (0.0.3)
      sprockets

GEM
  remote: https://rubygems.org/
  specs:
    Boy2Man (0.2.2)
    backports (3.3.5)
    coffee-script (2.2.0)
      coffee-script-source
      execjs
    coffee-script-source (1.6.3)
    daemons (1.1.9)
    em-websocket (0.5.0)
      eventmachine (>= 0.12.9)
      http_parser.rb (~> 0.5.3)
    event_emitter (0.2.5)
    eventmachine (1.0.3)
    execjs (2.0.2)
    hashie (2.0.5)
    hike (1.2.3)
    http_parser.rb (0.5.3)
    httparty (0.12.0)
      json (~> 1.8)
      multi_xml (>= 0.5.2)
    json (1.8.1)
    multi_json (1.8.2)
    multi_xml (0.5.5)
    rack (1.5.2)
    rack-protection (1.5.1)
      rack
    rack-test (0.6.2)
      rack (>= 1.0)
    sass (3.2.12)
    sinatra (1.4.4)
      rack (~> 1.4)
      rack-protection (~> 1.4)
      tilt (~> 1.3, >= 1.3.4)
    sinatra-cometio (0.6.0)
      event_emitter (>= 0.2.5)
      eventmachine (>= 1.0.0)
      httparty
      json (>= 1.7.0)
      sinatra (>= 1.3.0)
      sinatra-contrib (>= 1.3.2)
    sinatra-contrib (1.4.1)
      backports (>= 2.0)
      multi_json
      rack-protection
      rack-test
      sinatra (~> 1.4.0)
      tilt (~> 1.3)
    sinatra-rocketio (0.3.3)
      event_emitter (>= 0.2.5)
      eventmachine (>= 1.0.0)
      hashie
      sinatra
      sinatra-cometio (>= 0.5.9)
      sinatra-websocketio (>= 0.4.0)
    sinatra-websocketio (0.4.1)
      em-websocket (>= 0.5.0)
      event_emitter (>= 0.2.4)
      eventmachine (>= 1.0.0)
      json (>= 1.7.0)
      sinatra (>= 1.3.0)
      sinatra-contrib (>= 1.3.2)
      websocket-client-simple
    slim (2.0.2)
      temple (~> 0.6.6)
      tilt (>= 1.3.3, < 2.1)
    sprockets (2.10.0)
      hike (~> 1.2)
      multi_json (~> 1.0)
      rack (~> 1.0)
      tilt (~> 1.1, != 1.3.0)
    temple (0.6.7)
    thin (1.6.1)
      daemons (>= 1.0.9)
      eventmachine (>= 1.0.0)
      rack (>= 1.0.0)
    tilt (1.4.1)
    websocket (1.1.1)
    websocket-client-simple (0.0.5)
      event_emitter
      websocket

PLATFORMS
  ruby

DEPENDENCIES
  Boy2Man
  coffee-script
  padrino-sprockets!
  sass
  sinatra
  sinatra-contrib
  sinatra-rocketio
  slim
  thin
